PATH
  remote: .
  specs:
    nemid (0.1.0)
      nokogiri (~> 1.11.0.rc2, >= 1.11.0.rc2)
      openssl (~> 2.2, >= 2.2.0)
      xmldsig (~> 0.6.6, >= 0.6.6)

GEM
  remote: https://rubygems.org/
  specs:
    diff-lcs (1.4.4)
    mini_portile2 (2.5.0)
    nokogiri (1.11.0.rc2)
      mini_portile2 (~> 2.5.0)
    openssl (2.2.0)
    rake (12.3.3)
    rspec (3.9.0)
      rspec-core (~> 3.9.0)
      rspec-expectations (~> 3.9.0)
      rspec-mocks (~> 3.9.0)
    rspec-core (3.9.2)
      rspec-support (~> 3.9.3)
    rspec-expectations (3.9.2)
      diff-lcs (>= 1.2.0, < 2.0)
      rspec-support (~> 3.9.0)
    rspec-mocks (3.9.1)
      diff-lcs (>= 1.2.0, < 2.0)
      rspec-support (~> 3.9.0)
    rspec-support (3.9.3)
    xmldsig (0.6.6)
      nokogiri (>= 1.6.8, < 2.0.0)

PLATFORMS
  ruby

DEPENDENCIES
  nemid!
  rake (~> 12.0)
  rspec (~> 3.0)

BUNDLED WITH
   2.1.4
